GEM
  remote: https://rubygems.org/
  specs:
    json (1.8.3)
    kgio (2.9.3)
    mini_portile (0.6.2)
    nokogiri (1.6.6.2)
      mini_portile (~> 0.6.0)
    rack (1.6.4)
    raindrops (0.15.0)
    unicorn (4.9.0)
      kgio (~> 2.6)
      rack
      raindrops (~> 0.7)

PLATFORMS
  ruby

DEPENDENCIES
  json
  nokogiri
  rack
  unicorn

BUNDLED WITH
   1.10.6
