GEM
  remote: https://rubygems.org/
  specs:
    json (1.8.2)
    kgio (2.9.3)
    mini_portile (0.6.2)
    newrelic_rpm (3.9.9.275)
    nokogiri (1.6.6.2)
      mini_portile (~> 0.6.0)
    rack (1.6.0)
    raindrops (0.13.0)
    unicorn (4.8.3)
      kgio (~> 2.6)
      rack
      raindrops (~> 0.7)

PLATFORMS
  ruby

DEPENDENCIES
  json
  newrelic_rpm
  nokogiri
  rack
  unicorn
